GEM
  remote: https://rubygems.org/
  specs:
    csv2md (1.1.1)
    posix-spawn (0.3.9)
    rake (10.4.2)

PLATFORMS
  ruby

DEPENDENCIES
  csv2md
  posix-spawn
  rake
